PATH
  remote: .
  specs:
    rdf-agraph (0.4)
      agraph
      json
      rdf
      rdf-vocab

GEM
  remote: https://rubygems.org/
  specs:
    addressable (2.4.0)
    agraph (0.2)
      transport (~> 1.0.5)
    crack (0.4.3)
      safe_yaml (~> 1.0.0)
    diff-lcs (1.2.5)
    dotenv (2.1.0)
    hashdiff (0.3.0)
    json (1.8.3)
    link_header (0.0.8)
    rake (11.1.1)
    rdf (1.99.1)
      link_header (~> 0.0, >= 0.0.8)
    rdf-spec (1.99.0)
      rdf (~> 1.99)
      rspec (~> 3.0)
      rspec-its (~> 1.0)
      webmock (~> 1.17)
    rdf-vocab (0.8.7.1)
      rdf (~> 1.1, >= 1.1.10)
    rspec (3.4.0)
      rspec-core (~> 3.4.0)
      rspec-expectations (~> 3.4.0)
      rspec-mocks (~> 3.4.0)
    rspec-core (3.4.4)
      rspec-support (~> 3.4.0)
    rspec-expectations (3.4.0)
      diff-lcs (>= 1.2.0, < 2.0)
      rspec-support (~> 3.4.0)
    rspec-its (1.2.0)
      rspec-core (>= 3.0.0)
      rspec-expectations (>= 3.0.0)
    rspec-mocks (3.4.1)
      diff-lcs (>= 1.2.0, < 2.0)
      rspec-support (~> 3.4.0)
    rspec-support (3.4.1)
    safe_yaml (1.0.4)
    transport (1.0.6)
    webmock (1.24.2)
      addressable (>= 2.3.6)
      crack (>= 0.3.2)
      hashdiff
    yard (0.8.7.6)

PLATFORMS
  ruby

DEPENDENCIES
  dotenv
  rake
  rdf-agraph!
  rdf-spec
  rspec
  rspec-its
  yard

BUNDLED WITH
   1.11.2
